GEM
  remote: https://rubygems.org/
  specs:
    awesome_print (1.6.1)
    haml (4.0.7)
      tilt
    json (1.8.3)
    rake (11.1.2)
    rdiscount (2.2.0.1)
    tilt (2.0.4)

PLATFORMS
  ruby

DEPENDENCIES
  awesome_print
  haml
  json
  rake
  rdiscount

BUNDLED WITH
   1.11.2
