GEM
  remote: https://rubygems.org/
  specs:
    chunky_png (1.3.5)
    compass (1.0.3)
      chunky_png (~> 1.2)
      compass-core (~> 1.0.2)
      compass-import-once (~> 1.0.5)
      rb-fsevent (>= 0.9.3)
      rb-inotify (>= 0.9)
      sass (>= 3.3.13, < 3.5)
    compass-core (1.0.3)
      multi_json (~> 1.0)
      sass (>= 3.3.0, < 3.5)
    compass-h5bp (1.0.0)
      compass (~> 1.0, >= 1.0.3)
    compass-import-once (1.0.5)
      sass (>= 3.2, < 3.5)
    ffi (1.9.10)
    haml (4.0.7)
      tilt
    json (1.8.3)
    multi_json (1.12.1)
    oily_png (1.2.0)
      chunky_png (~> 1.3.1)
    rake (11.1.2)
    rb-fsevent (0.9.7)
    rb-inotify (0.9.7)
      ffi (>= 0.5.0)
    rdiscount (2.2.0.1)
    sass (3.4.22)
    tilt (2.0.4)

PLATFORMS
  ruby

DEPENDENCIES
  compass
  compass-h5bp
  haml
  json
  oily_png
  rake
  rdiscount

BUNDLED WITH
   1.11.2
